GEM
  remote: http://rubygems.org/
  specs:
    activesupport (3.2.8)
      i18n (~> 0.6)
      multi_json (~> 1.0)
    autotest-fsevent (0.2.8)
      sys-uname
    autotest-standalone (4.5.9)
    coderay (1.0.7)
    crack (0.3.1)
    diff-lcs (1.1.3)
    fakefs (0.4.0)
    ffi (1.1.5)
    fivemat (1.1.0)
    httparty (0.4.5)
      crack (>= 0.1.1)
    i18n (0.6.1)
    imdb_party (0.7.1)
      httparty
    method_source (0.8)
    multi_json (1.3.6)
    notifo (0.1.0)
      httparty (~> 0.4.5)
    pry (0.9.10)
      coderay (~> 1.0.5)
      method_source (~> 0.8)
      slop (~> 3.3.1)
    rake (0.9.2.2)
    rr (1.0.4)
    rspec (2.11.0)
      rspec-core (~> 2.11.0)
      rspec-expectations (~> 2.11.0)
      rspec-mocks (~> 2.11.0)
    rspec-core (2.11.1)
    rspec-expectations (2.11.3)
      diff-lcs (~> 1.1.3)
    rspec-mocks (2.11.3)
    shoulda (3.1.1)
      shoulda-context (~> 1.0)
      shoulda-matchers (~> 1.2)
    shoulda-context (1.0.0)
    shoulda-matchers (1.3.0)
      activesupport (>= 3.0.0)
    simplecov (0.6.4)
      multi_json (~> 1.0)
      simplecov-html (~> 0.5.3)
    simplecov-html (0.5.3)
    slop (3.3.3)
    sofa (0.1.0)
      httparty
    sys-uname (0.9.0)
      ffi (>= 1.0.0)
    tvdb_party (0.4.0)
      httparty (>= 0.4.3)

PLATFORMS
  ruby

DEPENDENCIES
  activesupport
  autotest-fsevent
  autotest-standalone
  fakefs
  fivemat
  imdb_party
  notifo
  pry
  rake
  rr
  rspec
  shoulda
  simplecov
  sofa
  tvdb_party
